GEM
  remote: http://rubygems.org/
  specs:
    SystemTimer (1.2.3)
    actionmailer (3.2.3)
      actionpack (= 3.2.3)
      mail (~> 2.4.4)
    actionpack (3.2.3)
      activemodel (= 3.2.3)
      activesupport (= 3.2.3)
      builder (~> 3.0.0)
      erubis (~> 2.7.0)
      journey (~> 1.0.1)
      rack (~> 1.4.0)
      rack-cache (~> 1.2)
      rack-test (~> 0.6.1)
      sprockets (~> 2.1.2)
    activemodel (3.2.3)
      activesupport (= 3.2.3)
      builder (~> 3.0.0)
    activerecord (3.2.3)
      activemodel (= 3.2.3)
      activesupport (= 3.2.3)
      arel (~> 3.0.2)
      tzinfo (~> 0.3.29)
    activerecord-postgis-adapter (0.4.3)
      pg (>= 0.11.0)
      rgeo-activerecord (~> 0.4.5)
    activeresource (3.2.3)
      activemodel (= 3.2.3)
      activesupport (= 3.2.3)
    activesupport (3.2.3)
      i18n (~> 0.6)
      multi_json (~> 1.0)
    addressable (2.2.7)
    airbrake (3.0.9)
      activesupport
      builder
    annotate (2.4.0)
    archive-tar-minitar (0.5.2)
    arel (3.0.2)
    awesome_print (1.0.2)
    bcrypt-ruby (3.0.1)
    builder (3.0.0)
    bundle_outdated (0.0.4)
    cancan (1.6.7)
    capistrano (2.12.0)
      highline
      net-scp (>= 1.0.0)
      net-sftp (>= 2.0.0)
      net-ssh (>= 2.0.14)
      net-ssh-gateway (>= 1.1.0)
    capybara (1.1.2)
      mime-types (>= 1.16)
      nokogiri (>= 1.3.3)
      rack (>= 1.0.0)
      rack-test (>= 0.5.4)
      selenium-webdriver (~> 2.0)
      xpath (~> 0.1.4)
    carrierwave (0.6.2)
      activemodel (>= 3.2.0)
      activesupport (>= 3.2.0)
    childprocess (0.3.1)
      ffi (~> 1.0.6)
    chunky_png (1.2.5)
    columnize (0.3.6)
    compass (0.12.1)
      chunky_png (~> 1.2)
      fssm (>= 0.2.7)
      sass (~> 3.1)
    configatron (2.9.0)
      yamler (>= 0.1.0)
    crummy (1.3.6)
    cucumber (1.1.9)
      builder (>= 2.1.2)
      diff-lcs (>= 1.1.2)
      gherkin (~> 2.9.0)
      json (>= 1.4.6)
      term-ansicolor (>= 1.0.6)
    cucumber-rails (1.3.0)
      capybara (>= 1.1.2)
      cucumber (>= 1.1.8)
      nokogiri (>= 1.5.0)
    dalli (2.0.3)
    database_cleaner (0.7.2)
    dbf (1.7.5)
    devise (2.0.4)
      bcrypt-ruby (~> 3.0)
      orm_adapter (~> 0.0.3)
      railties (~> 3.1)
      warden (~> 1.1.1)
    diff-lcs (1.1.3)
    em-websocket (0.3.6)
      addressable (>= 2.1.1)
      eventmachine (>= 0.12.9)
    erb2haml (0.1.2)
      haml
      hpricot
      ruby_parser
    erubis (2.7.0)
    eventmachine (0.12.10)
    factory_girl (3.1.0)
      activesupport (>= 3.0.0)
    factory_girl_rails (3.1.0)
      factory_girl (~> 3.1.0)
      railties (>= 3.0.0)
    faker (1.0.1)
      i18n (~> 0.4)
    fastercsv (1.5.4)
    ffi (1.0.11)
    foreman (0.41.0)
      thor (>= 0.13.6)
    fssm (0.2.9)
    geokit (1.6.5)
      multi_json
    gherkin (2.9.3)
      json (>= 1.4.6)
    growl (1.0.3)
    guard (1.0.1)
      ffi (>= 0.5.0)
      thor (~> 0.14.6)
    guard-cucumber (0.7.5)
      cucumber (>= 0.10)
      guard (>= 0.8.3)
    guard-rspec (0.7.0)
      guard (>= 0.10.0)
    guard-spork (0.6.1)
      guard (>= 0.10.0)
      spork (>= 0.8.4)
    haml (3.1.4)
    haml-rails (0.3.4)
      actionpack (~> 3.0)
      activesupport (~> 3.0)
      haml (~> 3.0)
      railties (~> 3.0)
    highline (1.6.11)
    hike (1.2.1)
    hirb (0.6.2)
    hpricot (0.8.6)
    i18n (0.6.0)
    journey (1.0.3)
    jquery-rails (2.0.2)
      railties (>= 3.2.0, < 5.0)
      thor (~> 0.14)
    json (1.6.6)
    kaminari (0.13.0)
      actionpack (>= 3.0.0)
      activesupport (>= 3.0.0)
      railties (>= 3.0.0)
    libwebsocket (0.1.3)
      addressable
    linecache (0.46)
      rbx-require-relative (> 0.0.4)
    linecache19 (0.5.13)
      ruby_core_source (>= 0.1.4)
    machinist (2.0)
    mail (2.4.4)
      i18n (>= 0.4.0)
      mime-types (~> 1.16)
      treetop (~> 1.4.8)
    mime-types (1.18)
    multi_json (1.2.0)
    nested_form (0.2.0)
    net-scp (1.0.4)
      net-ssh (>= 1.99.1)
    net-sftp (2.0.5)
      net-ssh (>= 2.0.9)
    net-ssh (2.3.0)
    net-ssh-gateway (1.1.0)
      net-ssh (>= 1.99.1)
    nokogiri (1.5.2)
    orm_adapter (0.0.7)
    pg (0.13.2)
    polyamorous (0.5.0)
      activerecord (~> 3.0)
    polyglot (0.3.3)
    rack (1.4.1)
    rack-cache (1.2)
      rack (>= 0.4)
    rack-ssl (1.3.2)
      rack
    rack-test (0.6.1)
      rack (>= 1.0)
    rails (3.2.3)
      actionmailer (= 3.2.3)
      actionpack (= 3.2.3)
      activerecord (= 3.2.3)
      activeresource (= 3.2.3)
      activesupport (= 3.2.3)
      bundler (~> 1.0)
      railties (= 3.2.3)
    rails-erd (0.4.5)
      activerecord (~> 3.0)
      activesupport (~> 3.0)
      ruby-graphviz (~> 0.9.18)
    rails3-generators (0.17.4)
      railties (>= 3.0.0)
    railties (3.2.3)
      actionpack (= 3.2.3)
      activesupport (= 3.2.3)
      rack-ssl (~> 1.3.2)
      rake (>= 0.8.7)
      rdoc (~> 3.4)
      thor (~> 0.14.6)
    rake (0.9.2.2)
    rb-fsevent (0.9.1)
    rbx-require-relative (0.0.9)
    rdiscount (1.6.8)
    rdoc (3.12)
      json (~> 1.4)
    redis (2.2.2)
    rgeo (0.3.10)
    rgeo-activerecord (0.4.5)
      activerecord (>= 3.0.3)
      arel (>= 2.0.6)
      rgeo (>= 0.3.10)
    rgeo-shapefile (0.2.3)
      dbf (>= 1.7.0)
      rgeo (>= 0.3.3)
    rmagick (2.13.1)
    rspec (2.9.0)
      rspec-core (~> 2.9.0)
      rspec-expectations (~> 2.9.0)
      rspec-mocks (~> 2.9.0)
    rspec-core (2.9.0)
    rspec-expectations (2.9.1)
      diff-lcs (~> 1.1.3)
    rspec-mocks (2.9.0)
    rspec-rails (2.9.0)
      actionpack (>= 3.0)
      activesupport (>= 3.0)
      railties (>= 3.0)
      rspec (~> 2.9.0)
    ruby-debug (0.10.4)
      columnize (>= 0.1)
      ruby-debug-base (~> 0.10.4.0)
    ruby-debug-base (0.10.4)
      linecache (>= 0.3)
    ruby-debug-base19 (0.11.26)
      columnize (>= 0.3.1)
      linecache19 (>= 0.5.11)
      ruby_core_source (>= 0.1.4)
    ruby-debug19 (0.11.6)
      columnize (>= 0.3.1)
      linecache19 (>= 0.5.11)
      ruby-debug-base19 (>= 0.11.19)
    ruby-graphviz (0.9.21)
    ruby_core_source (0.1.5)
      archive-tar-minitar (>= 0.5.2)
    ruby_parser (2.3.1)
      sexp_processor (~> 3.0)
    rubyzip (0.9.7)
    sass (3.1.15)
    selenium-webdriver (2.21.0)
      childprocess (>= 0.2.5)
      ffi (~> 1.0)
      libwebsocket (~> 0.1.3)
      multi_json (~> 1.0)
      rubyzip
    sexp_processor (3.1.0)
    shoulda (3.0.1)
      shoulda-context (~> 1.0.0)
      shoulda-matchers (~> 1.0.0)
    shoulda-context (1.0.0)
    shoulda-matchers (1.0.0)
    silent-postgres (0.1.1)
    spork (0.9.0)
    sprockets (2.1.2)
      hike (~> 1.2)
      rack (~> 1.0)
      tilt (~> 1.1, != 1.3.0)
    sqlite3 (1.3.5)
    squeel (0.9.5)
      activerecord (~> 3.0)
      activesupport (~> 3.0)
      polyamorous (~> 0.5.0)
    term-ansicolor (1.0.7)
    thor (0.14.6)
    tilt (1.3.3)
    treetop (1.4.10)
      polyglot
      polyglot (>= 0.3.1)
    tzinfo (0.3.33)
    warden (1.1.1)
      rack (>= 1.0)
    web-app-theme (0.7.0)
    will_paginate (3.0.3)
    wirble (0.1.3)
    xpath (0.1.4)
      nokogiri (~> 1.3)
    yamler (0.1.0)

PLATFORMS
  ruby

DEPENDENCIES
  SystemTimer
  activerecord-postgis-adapter
  airbrake
  annotate
  awesome_print
  bundle_outdated
  cancan
  capistrano
  capybara
  carrierwave
  compass (>= 0.10.6)
  configatron
  crummy (~> 1.3.6)
  cucumber
  cucumber-rails
  dalli
  database_cleaner
  dbf
  devise
  em-websocket
  erb2haml
  factory_girl_rails
  faker
  fastercsv
  foreman
  geokit
  gherkin
  growl
  guard-cucumber
  guard-rspec
  guard-spork
  haml
  haml-rails
  hirb
  hpricot
  jquery-rails
  json
  kaminari
  machinist
  nested_form
  pg
  rails (= 3.2.3)
  rails-erd
  rails3-generators
  rb-fsevent
  rdiscount
  redis
  rgeo
  rgeo-shapefile
  rmagick
  rspec
  rspec-rails
  ruby-debug
  ruby-debug19
  ruby_parser
  shoulda
  silent-postgres
  spork (~> 0.9.0.rc)
  sqlite3
  squeel
  web-app-theme
  will_paginate (~> 3.0)
  wirble
